GEM
  remote: https://rubygems.org/
  specs:
    algoliasearch (1.27.2)
      httpclient (~> 2.8, >= 2.8.3)
      json (>= 1.5.1)
    dotenv (2.7.5)
    foreman (0.87.0)
    httpclient (2.8.3)
    json (2.3.0)
    nationbuilder-rb (1.3.7)
      httpclient (~> 2.7)
    rack (1.6.12)
    rack-protection (1.5.5)
      rack
    rake (12.3.3)
    sinatra (1.4.8)
      rack (~> 1.5)
      rack-protection (~> 1.4)
      tilt (>= 1.3, < 3)
    tilt (2.0.8)

PLATFORMS
  ruby

DEPENDENCIES
  algoliasearch
  dotenv
  foreman
  nationbuilder-rb
  rake
  sinatra

BUNDLED WITH
   1.11.2
