GEM
  remote: https://rubygems.org/
  specs:
    algoliasearch (1.6.1)
      httpclient (~> 2.4)
      json (>= 1.5.1)
    dotenv (2.0.2)
    foreman (0.84.0)
      thor (~> 0.19.1)
    httpclient (2.7.0.1)
    json (1.8.3)
    nationbuilder-rb (1.3.7)
      httpclient (~> 2.7)
    rack (1.6.4)
    rack-protection (1.5.3)
      rack
    rake (10.1.0)
    sinatra (1.4.6)
      rack (~> 1.4)
      rack-protection (~> 1.4)
      tilt (>= 1.3, < 3)
    thor (0.19.4)
    tilt (2.0.1)

PLATFORMS
  ruby

DEPENDENCIES
  algoliasearch
  dotenv
  foreman
  nationbuilder-rb
  rake
  sinatra

BUNDLED WITH
   1.11.2
